GEM
  remote: http://rubygems.org/
  specs:
    diff-lcs (1.1.3)
    diffy (2.0.5)
    mysql2 (0.3.11)
    pg (0.12.2)
    rspec (2.8.0)
      rspec-core (~> 2.8.0)
      rspec-expectations (~> 2.8.0)
      rspec-mocks (~> 2.8.0)
    rspec-core (2.8.0)
    rspec-expectations (2.8.0)
      diff-lcs (~> 1.1.2)
    rspec-mocks (2.8.0)
    sequel (3.32.0)
    sqlite3 (1.3.5)

PLATFORMS
  ruby

DEPENDENCIES
  diffy
  mysql2
  pg
  rspec
  sequel
  sqlite3
